GIT
  remote: https://github.com/sciruby/daru.git
  revision: 9f304c1b7fe41f610bc1269a01deb693ba313134
  specs:
    daru (0.1.5)
      backports

PATH
  remote: ../..
  specs:
    datatables (0.1.0)

GEM
  remote: http://rubygems.org/
  specs:
    actionview (5.1.2)
      activesupport (= 5.1.2)
      builder (~> 3.1)
      erubi (~> 1.4)
      rails-dom-testing (~> 2.0)
      rails-html-sanitizer (~> 1.0, >= 1.0.3)
    activesupport (5.1.2)
      concurrent-ruby (~> 1.0, >= 1.0.2)
      i18n (~> 0.7)
      minitest (~> 5.1)
      tzinfo (~> 1.1)
    backports (3.8.0)
    bond (0.5.1)
    builder (3.2.3)
    byebug (9.0.6)
    concurrent-ruby (1.0.5)
    data_uri (0.1.0)
    erubi (1.6.1)
    ffi (1.9.18)
    ffi-rzmq (2.0.5)
      ffi-rzmq-core (>= 1.0.6)
    ffi-rzmq-core (1.0.6)
      ffi
    i18n (0.8.6)
    iruby (0.3)
      bond (~> 0.5)
      data_uri (~> 0.1)
      mimemagic (~> 0.3)
      multi_json (~> 1.11)
    loofah (2.0.3)
      nokogiri (>= 1.5.9)
    mimemagic (0.3.2)
    mini_portile2 (2.2.0)
    minitest (5.10.2)
    multi_json (1.12.1)
    nokogiri (1.8.0)
      mini_portile2 (~> 2.2.0)
    rails-dom-testing (2.0.3)
      activesupport (>= 4.2.0)
      nokogiri (>= 1.6)
    rails-html-sanitizer (1.0.3)
      loofah (~> 2.0)
    rake (10.5.0)
    rbczmq (1.7.9)
    thread_safe (0.3.6)
    tzinfo (1.2.3)
      thread_safe (~> 0.1)

PLATFORMS
  ruby

DEPENDENCIES
  actionview
  bundler (~> 1.15)
  byebug
  daru!
  datatables!
  ffi-rzmq
  iruby
  rake (~> 10.0)
  rbczmq

BUNDLED WITH
   1.15.1
